GEM
  remote: https://rubygems.org/
  specs:
    concurrent-ruby (1.0.0)

PLATFORMS
  ruby

DEPENDENCIES
  concurrent-ruby (~> 1.0)

BUNDLED WITH
   1.11.2
